PATH
  remote: .
  specs:
    suivi (0.1.0)
      csv
      yaml

GEM
  remote: https://rubygems.org/
  specs:
    csv (3.2.7)
    minitest (5.19.0)
    minitest-color (0.0.2)
      minitest (~> 5)
    rake (12.3.3)
    yaml (0.2.1)

PLATFORMS
  ruby

DEPENDENCIES
  minitest (~> 5.0)
  minitest-color
  rake (~> 12.0)
  suivi!

BUNDLED WITH
   2.1.4
